{
  "TaskName": "dialogue",
  "Modality": "MR",
  "MagneticFieldStrength": 3,
  "Manufacturer": "Siemens",
  "ManufacturersModelName": "Prisma_fit",
  "InstitutionName": "Center_for_Information_and_Neural_Networks",
  "InstitutionalDepartmentName": "Resaech_Cnter",
  "InstitutionAddress": "Yamadaoka_1-4_Suita-shi_Osaka_JP_565-0871",
  "DeviceSerialNumber": "167094",
  "StationName": "MRC35466",
  "BodyPartExamined": "BRAIN",
  "PatientPosition": "HFS",
  "ProcedureStepDescription": "NICT=Nishimoto_default",
  "SoftwareVersions": "syngo_MR_E11",
  "MRAcquisitionType": "2D",
  "SeriesDescription": "BOLD_MB6_AP_430_TR1_2iso_72sl_ppf6_po6",
  "ProtocolName": "BOLD_MB6_AP_430_TR1_2iso_72sl_ppf6_po6",
  "ScanningSequence": "EP",
  "SequenceVariant": "SK_SS_OSP",
  "ScanOptions": "PFP_FS",
  "SequenceName": "epfid2d1_96",
  "ImageType": [
    "ORIGINAL",
    "PRIMARY",
    "M",
    "MB",
    "ND",
    "NORM",
    "MOSAIC"
  ],
  "SeriesNumber": 10,
  "AcquisitionTime": "13:54:38.380000",
  "AcquisitionNumber": 1,
  "ImageComments": "Unaliased_MB6_PE3",
  "SliceThickness": 2,
  "SpacingBetweenSlices": 2,
  "SAR": 0.0881008,
  "EchoTime": 0.03,
  "RepetitionTime": 1,
  "FlipAngle": 60,
  "PartialFourier": 0.75,
  "BaseResolution": 96,
  "ShimSetting": [
    -450,
    -5318,
    -610,
    243,
    -75,
    -110,
    3,
    -29
  ],
  "TxRefAmp": 220.748,
  "PhaseResolution": 1,
  "PhaseOversampling": 0.06,
  "ReceiveCoilName": "HeadNeck_64",
  "ReceiveCoilActiveElements": "HC1-7;NC1,2",
  "PulseSequenceDetails": ""
}