{
	"Modality": "MR",
	"MagneticFieldStrength": 3,
	"Manufacturer": "Siemens",
	"ManufacturersModelName": "Prisma",
	"InstitutionName": "CiNet",
	"InstitutionalDepartmentName": "kansai",
	"InstitutionAddress": "Yamadaoka_1-4_Suita-shi_Osaka_JP_565-0871",
	"DeviceSerialNumber": "66083",
	"StationName": "AWP66083",
	"BodyPartExamined": "BRAIN",
	"PatientPosition": "HFS",
	"ProcedureStepDescription": "NICT=Nishimoto_default",
	"SoftwareVersions": "syngo_MR_E11",
	"MRAcquisitionType": "3D",
	"SeriesDescription": "t1_mpr_sag_p2_iso_1.0mm_SN",
	"ProtocolName": "t1_mpr_sag_p2_iso_1.0mm_SN",
	"ScanningSequence": "GR_IR",
	"SequenceVariant": "SK_SP_MP",
	"ScanOptions": "IR",
	"SequenceName": "_tfl3d1rr16ns",
	"ImageType": ["ORIGINAL", "PRIMARY", "M", "ND", "NORM"],
	"SeriesNumber": 12,
	"AcquisitionTime": "11:17:3.067500",
	"AcquisitionNumber": 1,
	"SliceThickness": 1,
	"SAR": 0.0642626,
	"EchoTime": 0.00326,
	"RepetitionTime": 2.53,
	"InversionTime": 1.2,
	"FlipAngle": 9,
	"PartialFourier": 1,
	"BaseResolution": 256,
	"ShimSetting": [
		-2589,
		-699,
		-2007,
		49,
		-114,
		-788,
		-17,
		-7	],
	"TxRefAmp": 245.395,
	"PhaseResolution": 1,
	"ReceiveCoilName": "HeadNeck_64",
	"ReceiveCoilActiveElements": "HC1-7;NC1,2",
	"PulseSequenceDetails": "%SiemensSeq%_tfl",
	"ConsistencyInfo": "N4_VE11C_LATEST_20160120",
	"PercentPhaseFOV": 100,
	"PhaseEncodingSteps": 255,
	"AcquisitionMatrixPE": 256,
	"ReconMatrixPE": 256,
	"ParallelReductionFactorInPlane": 2,
	"PixelBandwidth": 200,
	"DwellTime": 9.8e-06,
	"ImageOrientationPatientDICOM": [
		0.0148316,
		0.99878,
		-0.0471049,
		0.00749142,
		-0.0472197,
		-0.998856	],
	"InPlanePhaseEncodingDirectionDICOM": "ROW",
	"ConversionSoftware": "dcm2niix",
	"ConversionSoftwareVersion": "v1.0.20180918  GCC4.8.4"
}
