{
  "TaskName": "dialogue",
  "Modality": "MR",
  "MagneticFieldStrength": 3,
  "Manufacturer": "Siemens",
  "ManufacturersModelName": "Prisma",
  "InstitutionName": "CiNet",
  "InstitutionalDepartmentName": "kansai",
  "InstitutionAddress": "Yamadaoka_1-4_Suita-shi_Osaka_JP_565-0871",
  "DeviceSerialNumber": "66083",
  "StationName": "AWP66083",
  "BodyPartExamined": "BRAIN",
  "PatientPosition": "HFS",
  "ProcedureStepDescription": "NICT=Nishimoto_default",
  "SoftwareVersions": "syngo_MR_E11",
  "MRAcquisitionType": "2D",
  "SeriesDescription": "BOLD_MB6_430_AP_TR1_2iso_72sl_ppf6_po6",
  "ProtocolName": "BOLD_MB6_430_AP_TR1_2iso_72sl_ppf6_po6",
  "ScanningSequence": "EP",
  "SequenceVariant": "SK_SS_OSP",
  "ScanOptions": "PFP_FS",
  "SequenceName": "epfid2d1_96",
  "ImageType": [
    "ORIGINAL",
    "PRIMARY",
    "M",
    "MB",
    "ND",
    "NORM",
    "MOSAIC"
  ],
  "SeriesNumber": 11,
  "AcquisitionTime": "13:56:48.927500",
  "AcquisitionNumber": 1,
  "ImageComments": "Unaliased_MB6_PE3",
  "SliceThickness": 2,
  "SpacingBetweenSlices": 2,
  "SAR": 0.0814151,
  "EchoTime": 0.03,
  "RepetitionTime": 1,
  "FlipAngle": 60,
  "PartialFourier": 0.75,
  "BaseResolution": 96,
  "ShimSetting": [
    -2546,
    -709,
    -1942,
    245,
    -64,
    -97,
    -69,
    -22
  ],
  "TxRefAmp": 221.848,
  "PhaseResolution": 1,
  "PhaseOversampling": 0.06,
  "ReceiveCoilName": "HeadNeck_64",
  "ReceiveCoilActiveElements": "HC1-7;NC1",
  "PulseSequenceDetails": ""
}